GEM
  remote: https://rubygems.org/
  specs:
    async (2.6.2)
      console (~> 1.10)
      fiber-annotation
      io-event (~> 1.1)
      timers (~> 4.1)
    async-http (0.60.2)
      async (>= 1.25)
      async-io (>= 1.28)
      async-pool (>= 0.2)
      protocol-http (~> 0.24.0)
      protocol-http1 (~> 0.15.0)
      protocol-http2 (~> 0.15.0)
      traces (>= 0.10.0)
    async-io (1.35.0)
      async
    async-pool (0.4.0)
      async (>= 1.25)
    brotli (0.4.0)
    coderay (1.1.3)
    console (1.17.2)
      fiber-annotation
      fiber-local
    fiber-annotation (0.2.0)
    fiber-local (1.0.0)
    filewatcher (2.1.0)
      module_methods (~> 0.1.0)
    haml (6.1.1)
      temple (>= 0.8.2)
      thor
      tilt
    io-event (1.2.2)
    localhost (1.1.10)
    mayu-css (0.0.3-arm64-darwin)
    mayu-css (0.0.3-x86_64-darwin)
    method_source (1.0.0)
    mime-types (3.5.1)
      mime-types-data (~> 3.2015)
    mime-types-data (3.2023.1003)
    minitest (5.19.0)
    module_methods (0.1.0)
    prettier_print (1.2.1)
    protocol-hpack (1.4.2)
    protocol-http (0.24.7)
    protocol-http1 (0.15.1)
      protocol-http (~> 0.22)
    protocol-http2 (0.15.1)
      protocol-hpack (~> 1.4)
      protocol-http (~> 0.18)
    pry (0.14.2)
      coderay (~> 1.1)
      method_source (~> 1.0)
    rake (13.0.6)
    syntax_tree (6.1.1)
      prettier_print (>= 1.2.0)
    syntax_tree-haml (4.0.3)
      haml (>= 5.2)
      prettier_print (>= 1.2.1)
      syntax_tree (>= 6.0.0)
    syntax_tree-xml (0.1.0)
      prettier_print
      syntax_tree (>= 2.0.1)
    temple (0.10.2)
    thor (1.2.2)
    tilt (2.2.0)
    timers (4.3.5)
    traces (0.11.1)

PLATFORMS
  arm64-darwin-22
  x86_64-darwin-20

DEPENDENCIES
  async (~> 2.6)
  async-http (~> 0.60.2)
  async-io (~> 1.35)
  brotli (~> 0.4.0)
  filewatcher (~> 2.1)
  localhost (~> 1.1)
  mayu-css (~> 0.0.3)
  mime-types (~> 3.5)
  minitest (~> 5.19)
  pry (~> 0.14.2)
  rake (~> 13.0)
  syntax_tree (~> 6.1)
  syntax_tree-haml (~> 4.0)
  syntax_tree-xml (~> 0.1.0)

BUNDLED WITH
   2.4.6
